GIT
  remote: git://github.com/sep/docx_mailmerge.git
  revision: c840021ab789f232357799e1f4c7d494f46b6436
  specs:
    docx_mailmerge (0.0.2)
      nokogiri
      zipruby

GEM
  remote: https://rubygems.org/
  specs:
    combine_pdf (0.2.6)
      ruby-rc4 (>= 0.1.5)
    dotenv (0.11.1)
      dotenv-deployment (~> 0.0.2)
    dotenv-deployment (0.0.2)
    ffi (1.9.10)
    httmultiparty (0.3.10)
      httparty (>= 0.7.3)
      multipart-post
    httparty (0.13.1)
      json (~> 1.8)
      multi_xml (>= 0.5.2)
    hypdf (1.0.8)
      httmultiparty (= 0.3.10)
      httparty (= 0.13.1)
    json (1.8.3)
    libreconv (0.9.1)
      spoon
    mini_portile (0.6.2)
    multi_xml (0.5.5)
    multipart-post (2.0.0)
    nokogiri (1.6.6.2)
      mini_portile (~> 0.6.0)
    rack (1.6.4)
    rack-test (0.6.3)
      rack (>= 1.0)
    racksh (1.0.0)
      rack (>= 1.0)
      rack-test (>= 0.5)
    rake (10.3.2)
    ruby-rc4 (0.1.5)
    spoon (0.0.4)
      ffi
    zipruby (0.3.6)

PLATFORMS
  ruby

DEPENDENCIES
  combine_pdf
  docx_mailmerge!
  dotenv (~> 0.11.1)
  hypdf (~> 1.0.7)
  libreconv
  racksh (~> 1.0.0)
  rake (~> 10.3.2)
